PATH
  remote: .
  specs:
    io_request (1.1.0)
      json (~> 2.0)
      logger (~> 1.4)
      timeout-extensions (~> 0.1.1)

GEM
  remote: https://rubygems.org/
  specs:
    json (2.2.0)
    logger (1.4.1)
    minitest (5.13.0)
    rake (13.0.1)
    timeout-extensions (0.1.1)

PLATFORMS
  ruby
  x64-mingw32

DEPENDENCIES
  bundler (~> 2.0)
  io_request!
  minitest (~> 5.0)
  rake (~> 13.0)

BUNDLED WITH
   2.0.2
