PATH
  remote: .
  specs:
    io_request (0.1.0)
      json (~> 2.0)
      logger (~> 1.4)

GEM
  remote: https://rubygems.org/
  specs:
    json (2.2.0)
    logger (1.4.1)
    minitest (5.13.0)
    rake (10.5.0)

PLATFORMS
  x64-mingw32

DEPENDENCIES
  bundler (~> 2.0)
  io_request!
  minitest (~> 5.0)
  rake (~> 10.0)

BUNDLED WITH
   2.0.2
